NUGET
  remote: https://nuget.org/api/v2
  specs:
    FSharp.Data (2.1.1)
      Zlib.Portable (>= 1.10.0)
    Nancy (1.1)
    Nancy.Hosting.Self (1.1)
      Nancy (>= 1.1)
    Zlib.Portable (1.10.0)
